PATH
  remote: .
  specs:
    shared_tools (0.1.1)
      logger (~> 1.0)
      zeitwerk (~> 2.6)

GEM
  remote: https://rubygems.org/
  specs:
    Ascii85 (2.0.1)
    afm (0.2.2)
    base64 (0.3.0)
    bigdecimal (3.2.2)
    debug_me (1.1.1)
    diff-lcs (1.6.2)
    docile (1.4.1)
    event_stream_parser (1.0.0)
    faraday (2.13.1)
      faraday-net_http (>= 2.0, < 3.5)
      json
      logger
    faraday-multipart (1.1.0)
      multipart-post (~> 2.0)
    faraday-net_http (3.4.0)
      net-http (>= 0.5.0)
    faraday-retry (2.3.1)
      faraday (~> 2.0)
    hashery (2.1.2)
    json (2.12.2)
    llm.rb (0.9.0)
    logger (1.7.0)
    marcel (1.0.4)
    multipart-post (2.4.1)
    net-http (0.6.0)
      uri
    pdf-reader (2.14.1)
      Ascii85 (>= 1.0, < 3.0, != 2.0.0)
      afm (~> 0.2.1)
      hashery (~> 2.0)
      ruby-rc4
      ttfunk
    rake (13.3.0)
    rspec (3.13.1)
      rspec-core (~> 3.13.0)
      rspec-expectations (~> 3.13.0)
      rspec-mocks (~> 3.13.0)
    rspec-core (3.13.4)
      rspec-support (~> 3.13.0)
    rspec-expectations (3.13.5)
      diff-lcs (>= 1.2.0, < 2.0)
      rspec-support (~> 3.13.0)
    rspec-mocks (3.13.5)
      diff-lcs (>= 1.2.0, < 2.0)
      rspec-support (~> 3.13.0)
    rspec-support (3.13.4)
    ruby-rc4 (0.1.5)
    ruby_llm (1.3.0)
      base64
      event_stream_parser (~> 1)
      faraday (>= 1.10.0)
      faraday-multipart (>= 1)
      faraday-net_http (>= 1)
      faraday-retry (>= 1)
      marcel (~> 1.0)
      zeitwerk (~> 2)
    simplecov (0.22.0)
      docile (~> 1.1)
      simplecov-html (~> 0.11)
      simplecov_json_formatter (~> 0.1)
    simplecov-html (0.13.1)
    simplecov_json_formatter (0.1.4)
    ttfunk (1.8.0)
      bigdecimal (~> 3.1)
    uri (1.0.3)
    zeitwerk (2.7.3)

PLATFORMS
  arm64-darwin-24
  ruby

DEPENDENCIES
  bundler (~> 2.0)
  debug_me
  llm.rb
  pdf-reader (~> 2.0)
  rake (~> 13.0)
  rspec (~> 3.0)
  ruby_llm
  shared_tools!
  simplecov

BUNDLED WITH
   2.6.9
